GEM
  remote: https://rubygems.org/
  specs:
    awesome_print (1.9.2)
    byebug (11.1.3)
    coderay (1.1.3)
    concurrent-ruby (1.3.5)
    faker (3.5.1)
      i18n (>= 1.8.11, < 2)
    i18n (1.14.7)
      concurrent-ruby (~> 1.0)
    interception (0.5)
    json (2.10.2)
    method_source (1.1.0)
    pry (0.14.2)
      coderay (~> 1.1)
      method_source (~> 1.0)
    pry-byebug (3.10.1)
      byebug (~> 11.0)
      pry (>= 0.13, < 0.15)
    pry-rescue (1.6.0)
      interception (>= 0.5)
      pry (>= 0.12.0)

PLATFORMS
  arm64-darwin-23
  ruby

DEPENDENCIES
  awesome_print
  faker
  json
  pry-byebug
  pry-rescue

RUBY VERSION
   ruby 3.3.5p100

BUNDLED WITH
   2.5.22
